GEM
  remote: https://rubygems.org/
  specs:
    minitest (5.6.1)
    rack (1.6.1)
    rake (10.4.2)

PLATFORMS
  java
  ruby

DEPENDENCIES
  minitest
  rack
  rake
